GEM
  remote: https://rubygems.org/
  specs:
    activerecord (3.2.14)

PLATFORMS
  ruby
  x86_64-linux

DEPENDENCIES
  activerecord (= 3.2.14)

BUNDLED WITH
   2.1.4
